GEM
  remote: https://rubygems.org/
  specs:
    coderay (1.0.5)
    deckrb (0.2.1)
      coderay
      erector (>= 0.9.0.pre1)
      json
      nokogiri
      rack
      rack-codehighlighter
      redcarpet (~> 2)
    erector (0.9.0.pre1)
      treetop (>= 1.2.3)
    json (1.6.5)
    nokogiri (1.5.0)
    polyglot (0.3.3)
    rack (1.4.1)
    rack-codehighlighter (0.5.0)
      nokogiri (>= 1.4.1)
      rack (>= 1.0.0)
    redcarpet (2.1.0)
    treetop (1.4.10)
      polyglot
      polyglot (>= 0.3.1)

PLATFORMS
  ruby

DEPENDENCIES
  deckrb
